GIT
  remote: https://github.com/stympy/faker.git
  revision: 14599cc0f7a8bdf7b842714f776477061abda6e4
  branch: master
  specs:
    faker (1.9.1)
      i18n (>= 0.7)

PATH
  remote: .
  specs:
    onesignal-ruby (0.3.0)
      activesupport (>= 4.2.0, < 8)
      faraday (>= 0.9)
      simple_command (~> 0, >= 0.0.9)

GEM
  remote: https://rubygems.org/
  specs:
    activesupport (7.0.7.2)
      concurrent-ruby (~> 1.0, >= 1.0.2)
      i18n (>= 1.6, < 2)
      minitest (>= 5.1)
      tzinfo (~> 2.0)
    addressable (2.8.0)
      public_suffix (>= 2.0.2, < 5.0)
    concurrent-ruby (1.2.2)
    crack (0.4.3)
      safe_yaml (~> 1.0.0)
    diff-lcs (1.3)
    dotenv (2.6.0)
    factory_bot (4.11.1)
      activesupport (>= 3.0.0)
    faraday (2.7.10)
      faraday-net_http (>= 2.0, < 3.1)
      ruby2_keywords (>= 0.0.4)
    faraday-net_http (3.0.2)
    hashdiff (0.3.8)
    i18n (1.14.1)
      concurrent-ruby (~> 1.0)
    minitest (5.19.0)
    public_suffix (4.0.6)
    rake (13.0.1)
    rspec (3.8.0)
      rspec-core (~> 3.8.0)
      rspec-expectations (~> 3.8.0)
      rspec-mocks (~> 3.8.0)
    rspec-core (3.8.0)
      rspec-support (~> 3.8.0)
    rspec-expectations (3.8.2)
      diff-lcs (>= 1.2.0, < 2.0)
      rspec-support (~> 3.8.0)
    rspec-mocks (3.8.0)
      diff-lcs (>= 1.2.0, < 2.0)
      rspec-support (~> 3.8.0)
    rspec-support (3.8.0)
    rspec_junit_formatter (0.4.1)
      rspec-core (>= 2, < 4, != 2.12.0)
    ruby2_keywords (0.0.5)
    safe_yaml (1.0.4)
    simple_command (0.2.1)
    tzinfo (2.0.6)
      concurrent-ruby (~> 1.0)
    vcr (4.0.0)
    webmock (3.5.1)
      addressable (>= 2.3.6)
      crack (>= 0.3.2)
      hashdiff

PLATFORMS
  ruby

DEPENDENCIES
  bundler (~> 1.16)
  dotenv (~> 2.5)
  factory_bot (~> 4.11)
  faker!
  onesignal-ruby!
  rake (~> 13.0)
  rspec (~> 3.0)
  rspec_junit_formatter (~> 0.4)
  vcr (~> 4.0, >= 4.0.0)
  webmock (~> 3.4)

BUNDLED WITH
   1.17.2
